GEM
  remote: https://rubygems.org/
  specs:
    abbrev (0.1.1)
    diff-lcs (1.5.0)
    matrix (0.4.2)
    rbs (3.3.2)
      abbrev
    rspec (3.12.0)
      rspec-core (~> 3.12.0)
      rspec-expectations (~> 3.12.0)
      rspec-mocks (~> 3.12.0)
    rspec-core (3.12.2)
      rspec-support (~> 3.12.0)
    rspec-expectations (3.12.3)
      diff-lcs (>= 1.2.0, < 2.0)
      rspec-support (~> 3.12.0)
    rspec-mocks (3.12.6)
      diff-lcs (>= 1.2.0, < 2.0)
      rspec-support (~> 3.12.0)
    rspec-support (3.12.1)
    typeprof (0.21.8)
      rbs (>= 1.8.1)

PLATFORMS
  arm64-darwin-21

DEPENDENCIES
  matrix
  rbs
  rspec
  typeprof

RUBY VERSION
   ruby 3.1.2p20

BUNDLED WITH
   2.3.7
